GEM
  remote: https://rubygems.org/
  specs:
    amq-protocol (2.3.0)
    bunny (2.11.0)
      amq-protocol (~> 2.3.0)
    toxiproxy (1.0.3)

PLATFORMS
  ruby

DEPENDENCIES
  bunny
  toxiproxy

BUNDLED WITH
   1.16.1
